GEM
  remote: https://rubygems.org/
  specs:
    cgi (0.4.1)
    httparty (0.21.0)
      mini_mime (>= 1.0.0)
      multi_xml (>= 0.5.2)
    mini_mime (1.1.5)
    multi_xml (0.6.0)
    thor (1.3.1)
    uri (0.13.0)

PLATFORMS
  ruby
  x86_64-darwin-23

DEPENDENCIES
  cgi
  httparty
  thor
  uri

BUNDLED WITH
   2.5.4
